{
"BodyPartExamined": "HEAD",
"EchoTime": 0.012,
"ECHO": "1",
"MagneticFieldStrength": 3,
"Manufacturer": "Siemens",
"ManufacturersModelName": "Trio",
"Modality": "MR",
"ReceiveCoilName": "32Ch_Head_3T",
"RepetitionTime": 2.479919,
"FlipAngle": 78.0,
"TaskName": "rest",
"PixelSpacing": [
3.75,
4.4
],
"PixelBandwidth": 1698.0,
"ParallelReductionFactorInPlane": 3,
"SliceThickness": 4.4,
"SpacingBetweenSlices": 4.840000000000001,
"SliceTiming": [
1.2399595,
0.0,
1.32262346667,
0.0826639666667,
1.40528743333,
0.165327933333,
1.4879514,
0.2479919,
1.57061536667,
0.330655866667,
1.65327933333,
0.413319833333,
1.7359433,
0.4959838,
1.81860726667,
0.578647766667,
1.90127123333,
0.661311733333,
1.9839352,
0.7439757,
2.06659916667,
0.826639666667,
2.14926313333,
0.909303633333,
2.2319271,
0.9919676,
2.31459106667,
1.07463156667,
2.39725503333,
1.15729553333
]
}