{
"BodyPartExamined": "HEAD",
"EchoTime": 0.012,
"ECHO": "1",
"MagneticFieldStrength": 3,
"Manufacturer": "Siemens",
"ManufacturersModelName": "Trio",
"Modality": "MR",
"ReceiveCoilName": "32Ch_Head_3T",
"RepetitionTime": 2.47992,
"FlipAngle": 78.0,
"TaskName": "rest",
"PixelSpacing": [
3.75,
4.4
],
"PixelBandwidth": 1698.0,
"ParallelReductionFactorInPlane": 3,
"SliceThickness": 4.4,
"SpacingBetweenSlices": 4.840000000000001,
"SliceTiming": [
1.23996,
0.0,
1.322624,
0.082664,
1.405288,
0.165328,
1.487952,
0.247992,
1.570616,
0.330656,
1.65328,
0.41332,
1.735944,
0.495984,
1.818608,
0.578648,
1.901272,
0.661312,
1.983936,
0.743976,
2.0666,
0.82664,
2.149264,
0.909304,
2.231928,
0.991968,
2.314592,
1.074632,
2.397256,
1.157296
]
}