{
"BodyPartExamined": "HEAD",
"EchoTime": 0.06,
"ECHO": "4",
"MagneticFieldStrength": 3,
"Manufacturer": "Siemens",
"ManufacturersModelName": "Trio",
"Modality": "MR",
"ReceiveCoilName": "32Ch_Head_3T",
"RepetitionTime": 2.479909,
"FlipAngle": 78.0,
"TaskName": "rest",
"PixelSpacing": [
3.75,
4.4
],
"PixelBandwidth": 1698.0,
"ParallelReductionFactorInPlane": 3,
"SliceThickness": 4.4,
"SpacingBetweenSlices": 4.840000000000001,
"SliceTiming": [
1.2399545,
0.0,
1.32261813333,
0.0826636333333,
1.40528176667,
0.165327266667,
1.4879454,
0.2479909,
1.57060903333,
0.330654533333,
1.65327266667,
0.413318166667,
1.7359363,
0.4959818,
1.81859993333,
0.578645433333,
1.90126356667,
0.661309066667,
1.9839272,
0.7439727,
2.06659083333,
0.826636333333,
2.14925446667,
0.909299966667,
2.2319181,
0.9919636,
2.31458173333,
1.07462723333,
2.39724536667,
1.15729086667
]
}