{
"BodyPartExamined": "HEAD",
"EchoTime": 0.06,
"ECHO": "4",
"MagneticFieldStrength": 3,
"Manufacturer": "Siemens",
"ManufacturersModelName": "Trio",
"Modality": "MR",
"ReceiveCoilName": "32Ch_Head_3T",
"RepetitionTime": 2.47,
"FlipAngle": 78.0,
"TaskName": "rest",
"PixelSpacing": [
3.75,
4.399998
],
"PixelBandwidth": 1698.0,
"ParallelReductionFactorInPlane": 3,
"SliceThickness": 4.399998,
"SpacingBetweenSlices": 4.8399978,
"SliceTiming": [
1.235,
0.0,
1.31733333333,
0.0823333333333,
1.39966666667,
0.164666666667,
1.482,
0.247,
1.56433333333,
0.329333333333,
1.64666666667,
0.411666666667,
1.729,
0.494,
1.81133333333,
0.576333333333,
1.89366666667,
0.658666666667,
1.976,
0.741,
2.05833333333,
0.823333333333,
2.14066666667,
0.905666666667,
2.223,
0.988,
2.30533333333,
1.07033333333,
2.38766666667,
1.15266666667
]
}